NUGET
  remote: https://nuget.org/api/v2
  specs:
    FAKE (4.6.2)
    Moq (4.2.1507.118)
    NUnit (2.6.4)
    NUnit.Runners (2.6.4)

GROUP Tools
NUGET
  remote: https://nuget.org/api/v2
  specs:
    OpenCover (4.6.166)
    ReportGenerator (2.3.2)
