NUGET
  remote: https://nuget.org/api/v2
  specs:
    Castle.Core (3.3.3)
    FAKE (4.1.3)
    Moq (4.2.1507.0118)
    NUnit (2.6.4)
    NUnit.Runners (2.6.4)
